GEM
  remote: http://rubygems.org/
  specs:
    classifier (1.3.3)
      fast-stemmer (>= 1.0.0)
    compass (0.10.4)
      haml (>= 3.0.4)
    directory_watcher (1.3.2)
    fast-stemmer (1.0.0)
    haml (3.0.24)
    jekyll (0.10.0)
      classifier (>= 1.3.1)
      directory_watcher (>= 1.1.1)
      liquid (>= 1.9.0)
      maruku (>= 0.5.9)
    liquid (2.1.2)
    maruku (0.6.0)
      syntax (>= 1.0.0)
    rack (1.3.1)
    rake (0.9.2)
    sinatra (1.2.6)
      rack (~> 1.1)
      tilt (< 2.0, >= 1.2.2)
    syntax (1.0.0)
    tilt (1.3.2)

PLATFORMS
  ruby

DEPENDENCIES
  compass
  jekyll
  rake
  sinatra
